PATH
  remote: .
  specs:
    eight_ball (2.2.0)
      awrence (~> 1.1)
      plissken (~> 1.2)

GEM
  remote: https://rubygems.org/
  specs:
    ansi (1.5.0)
    awrence (1.1.1)
    byebug (11.1.3)
    coderay (1.1.3)
    diff-lcs (1.3)
    docile (1.3.2)
    inch (0.8.0)
      pry
      sparkr (>= 0.2.0)
      term-ansicolor
      yard (~> 0.9.12)
    method_source (1.0.0)
    plissken (1.3.1)
    pry (0.13.1)
      coderay (~> 1.1)
      method_source (~> 1.0)
    pry-byebug (3.9.0)
      byebug (~> 11.0)
      pry (~> 0.13.0)
    rake (13.0.1)
    rspec (3.9.0)
      rspec-core (~> 3.9.0)
      rspec-expectations (~> 3.9.0)
      rspec-mocks (~> 3.9.0)
    rspec-core (3.9.2)
      rspec-support (~> 3.9.3)
    rspec-expectations (3.9.2)
      diff-lcs (>= 1.2.0, < 2.0)
      rspec-support (~> 3.9.0)
    rspec-mocks (3.9.1)
      diff-lcs (>= 1.2.0, < 2.0)
      rspec-support (~> 3.9.0)
    rspec-support (3.9.3)
    simplecov (0.18.5)
      docile (~> 1.1)
      simplecov-html (~> 0.11)
    simplecov-console (0.7.2)
      ansi
      simplecov
      terminal-table
    simplecov-html (0.12.2)
    sparkr (0.4.1)
    sync (0.5.0)
    term-ansicolor (1.7.1)
      tins (~> 1.0)
    terminal-table (1.8.0)
      unicode-display_width (~> 1.1, >= 1.1.1)
    tins (1.25.0)
      sync
    unicode-display_width (1.7.0)
    yard (0.9.36)

PLATFORMS
  ruby

DEPENDENCIES
  bundler (~> 1.17)
  eight_ball!
  inch (~> 0.8)
  pry-byebug (~> 3.6)
  rake (~> 13.0)
  rspec (~> 3.9.0)
  simplecov (~> 0.16)
  simplecov-console (~> 0.4)

BUNDLED WITH
   1.17.2
