PATH
  remote: .
  specs:
    eight_ball (0.1.0)

GEM
  remote: https://rubygems.org/
  specs:
    byebug (10.0.2)
    coderay (1.1.2)
    method_source (0.9.2)
    minitest (5.11.3)
    pry (0.12.2)
      coderay (~> 1.1.0)
      method_source (~> 0.9.0)
    pry-byebug (3.6.0)
      byebug (~> 10.0)
      pry (~> 0.10)
    rake (10.5.0)

PLATFORMS
  ruby

DEPENDENCIES
  bundler (~> 1.17)
  eight_ball!
  minitest (~> 5.0)
  pry-byebug (~> 3.6)
  rake (~> 10.0)

BUNDLED WITH
   1.17.1
