PATH
  remote: .
  specs:
    eight_ball (1.0.0)
      plissken (~> 1.2)

GEM
  remote: https://rubygems.org/
  specs:
    ansi (1.5.0)
    builder (3.2.3)
    byebug (10.0.2)
    coderay (1.1.2)
    docile (1.3.1)
    hirb (0.7.3)
    inch (0.8.0)
      pry
      sparkr (>= 0.2.0)
      term-ansicolor
      yard (~> 0.9.12)
    json (2.1.0)
    metaclass (0.0.4)
    method_source (0.9.2)
    minitest (5.11.3)
    minitest-reporters (1.3.5)
      ansi
      builder
      minitest (>= 5.0)
      ruby-progressbar
    mocha (1.7.0)
      metaclass (~> 0.0.1)
    plissken (1.2.0)
    pry (0.12.2)
      coderay (~> 1.1.0)
      method_source (~> 0.9.0)
    pry-byebug (3.6.0)
      byebug (~> 10.0)
      pry (~> 0.10)
    rake (10.5.0)
    ruby-progressbar (1.10.0)
    simplecov (0.16.1)
      docile (~> 1.1)
      json (>= 1.8, < 3)
      simplecov-html (~> 0.10.0)
    simplecov-console (0.4.2)
      ansi
      hirb
      simplecov
    simplecov-html (0.10.2)
    sparkr (0.4.1)
    term-ansicolor (1.7.0)
      tins (~> 1.0)
    tins (1.20.2)
    yard (0.9.16)

PLATFORMS
  ruby

DEPENDENCIES
  bundler (~> 1.17)
  eight_ball!
  inch (~> 0.8)
  minitest (~> 5.0)
  minitest-reporters (~> 1.3)
  mocha (~> 1.7)
  pry-byebug (~> 3.6)
  rake (~> 10.0)
  simplecov (~> 0.16)
  simplecov-console (~> 0.4)

BUNDLED WITH
   1.17.1
