PATH
  remote: .
  specs:
    eight_ball (2.0.0.pre2)
      plissken (= 1.3.0)

GEM
  remote: https://rubygems.org/
  specs:
    ansi (1.5.0)
    builder (3.2.4)
    byebug (11.1.1)
    coderay (1.1.2)
    docile (1.3.2)
    hirb (0.7.3)
    inch (0.8.0)
      pry
      sparkr (>= 0.2.0)
      term-ansicolor
      yard (~> 0.9.12)
    json (2.3.0)
    metaclass (0.0.4)
    method_source (0.9.2)
    minitest (5.11.3)
    minitest-reporters (1.3.5)
      ansi
      builder
      minitest (>= 5.0)
      ruby-progressbar
    mocha (1.7.0)
      metaclass (~> 0.0.1)
    plissken (1.3.0)
    pry (0.12.2)
      coderay (~> 1.1.0)
      method_source (~> 0.9.0)
    pry-byebug (3.8.0)
      byebug (~> 11.0)
      pry (~> 0.10)
    rake (12.3.3)
    ruby-progressbar (1.10.1)
    simplecov (0.16.1)
      docile (~> 1.1)
      json (>= 1.8, < 3)
      simplecov-html (~> 0.10.0)
    simplecov-console (0.4.2)
      ansi
      hirb
      simplecov
    simplecov-html (0.10.2)
    sparkr (0.4.1)
    sync (0.5.0)
    term-ansicolor (1.7.1)
      tins (~> 1.0)
    tins (1.24.1)
      sync
    yard (0.9.24)

PLATFORMS
  ruby

DEPENDENCIES
  bundler (= 1.17.2)
  eight_ball!
  inch (= 0.8.0)
  minitest (= 5.11.3)
  minitest-reporters (= 1.3.5)
  mocha (= 1.7.0)
  pry (= 0.12.2)
  pry-byebug (= 3.8.0)
  rake (= 12.3.3)
  simplecov (= 0.16.1)
  simplecov-console (= 0.4.2)

BUNDLED WITH
   1.17.2
